PATH
  remote: .
  specs:
    sugarcube (2.0.0)

GEM
  remote: https://rubygems.org/
  specs:

PLATFORMS
  ruby

DEPENDENCIES
  sugarcube!
