PATH
  remote: .
  specs:
    sugarcube (1.6.0)

GEM
  remote: https://rubygems.org/
  specs:

PLATFORMS
  ruby

DEPENDENCIES
  sugarcube!
