PATH
  remote: .
  specs:
    sugarcube (1.5.9)

GEM
  remote: https://rubygems.org/
  specs:
    rake (10.0.4)

PLATFORMS
  ruby

DEPENDENCIES
  rake
  sugarcube!
