PATH
  remote: .
  specs:
    sugarcube (2.0.2)

GEM
  remote: https://rubygems.org/
  specs:
    rake (10.1.0)

PLATFORMS
  ruby

DEPENDENCIES
  rake
  sugarcube!
