PATH
  remote: .
  specs:
    sugarcube (2.7.1)

GEM
  remote: https://rubygems.org/
  specs:
    rake (10.3.2)

PLATFORMS
  ruby

DEPENDENCIES
  rake
  sugarcube!
